PATH
  remote: .
  specs:
    billwise4r (0.4.3)
      multi_xml (= 0.2.2)
      savon (~> 0.9.5)

GEM
  remote: http://rubygems.org/
  specs:
    akami (1.2.0)
      gyoku (>= 0.4.0)
      nokogiri (>= 1.4.0)
    awesome_print (0.4.0)
    builder (3.2.2)
    diff-lcs (1.1.3)
    fakeweb (1.3.0)
    gyoku (1.1.0)
      builder (>= 2.1.2)
    httpi (1.1.1)
      rack
    mini_portile (0.5.2)
    multi_xml (0.2.2)
    nokogiri (1.6.0)
      mini_portile (~> 0.5.0)
    nori (1.1.5)
    rack (1.5.2)
    rspec (2.7.0)
      rspec-core (~> 2.7.0)
      rspec-expectations (~> 2.7.0)
      rspec-mocks (~> 2.7.0)
    rspec-core (2.7.1)
    rspec-expectations (2.7.0)
      diff-lcs (~> 1.1.2)
    rspec-mocks (2.7.0)
    savon (0.9.14)
      akami (~> 1.1)
      builder (>= 2.1.2)
      gyoku (>= 0.4.0)
      httpi (~> 1.0)
      nokogiri (>= 1.4.0)
      nori (~> 1.1)
      wasabi (~> 2.2)
    wasabi (2.5.1)
      httpi (~> 1.0)
      nokogiri (>= 1.4.0)

PLATFORMS
  ruby

DEPENDENCIES
  awesome_print
  billwise4r!
  fakeweb
  rspec
